PATH
  remote: .
  specs:
    tempo-cli (0.2.5)
      chronic (~> 0.10)
      gli (~> 2.10)

GEM
  remote: https://rubygems.org/
  specs:
    ansi (1.4.3)
    aruba (0.5.3)
      childprocess (>= 0.3.6)
      cucumber (>= 1.1.1)
      rspec-expectations (>= 2.7.0)
    builder (3.2.2)
    childprocess (0.3.9)
      ffi (~> 1.0, >= 1.0.11)
    chronic (0.10.2)
    coderay (1.0.9)
    cucumber (1.3.2)
      builder (>= 2.1.2)
      diff-lcs (>= 1.1.3)
      gherkin (~> 2.12.0)
      multi_json (~> 1.3)
    diff-lcs (1.2.4)
    ffi (1.9.0)
    gherkin (2.12.0)
      multi_json (~> 1.3)
    gli (2.11.0)
    json (1.8.1)
    method_source (0.8.1)
    multi_json (1.7.7)
    pry (0.9.12.2)
      coderay (~> 1.0.5)
      method_source (~> 0.8)
      slop (~> 3.4)
    rake (10.3.2)
    rdoc (4.1.1)
      json (~> 1.4)
    rspec-expectations (2.13.0)
      diff-lcs (>= 1.1.3, < 2.0)
    slop (3.4.5)
    turn (0.9.6)
      ansi

PLATFORMS
  ruby

DEPENDENCIES
  aruba (~> 0.5)
  pry (~> 0.9)
  rake (~> 10.3)
  rdoc (~> 4.1)
  tempo-cli!
  turn (~> 0.9)
